GEM
  remote: https://rubygems.org/
  specs:
    byebug (9.0.6)
    minitest (5.10.1)

PLATFORMS
  ruby

DEPENDENCIES
  byebug
  minitest (~> 5.4)

BUNDLED WITH
   1.13.7
